STORAGE: NONE
RESTRICTION: || (== net462) (== net6.0) (== net7.0) (== netstandard2.0)
NUGET
  remote: https://api.nuget.org/v3/index.json
    BlackFox.VsWhere (1.1) - restriction: || (&& (== net462) (>= netstandard2.0)) (== net6.0) (== net7.0) (== netstandard2.0)
      FSharp.Core (>= 4.2.3) - restriction: || (&& (== net462) (< net45) (>= netstandard2.0)) (== net6.0) (== net7.0) (== netstandard2.0)
      Microsoft.Win32.Registry (>= 4.7) - restriction: || (&& (== net462) (< net45) (>= netstandard2.0)) (== net6.0) (== net7.0) (== netstandard2.0)
    Fake.Core.CommandLineParsing (6.0) - restriction: || (&& (== net462) (>= netstandard2.0)) (== net6.0) (== net7.0) (== netstandard2.0)
      FParsec (>= 1.1.1) - restriction: || (&& (== net462) (>= netstandard2.0)) (== net6.0) (== net7.0) (== netstandard2.0)
      FSharp.Core (>= 6.0.3) - restriction: || (&& (== net462) (>= netstandard2.0)) (== net6.0) (== net7.0) (== netstandard2.0)
    Fake.Core.Context (6.0) - restriction: || (&& (== net462) (>= netstandard2.0)) (== net6.0) (== net7.0) (== netstandard2.0)
      FSharp.Core (>= 6.0.3) - restriction: || (&& (== net462) (>= netstandard2.0)) (== net6.0) (== net7.0) (== netstandard2.0)
    Fake.Core.Environment (6.0) - restriction: || (&& (== net462) (>= netstandard2.0)) (== net6.0) (== net7.0) (== netstandard2.0)
      FSharp.Core (>= 6.0.3) - restriction: || (&& (== net462) (>= netstandard2.0)) (== net6.0) (== net7.0) (== netstandard2.0)
    Fake.Core.FakeVar (6.0) - restriction: || (&& (== net462) (>= netstandard2.0)) (== net6.0) (== net7.0) (== netstandard2.0)
      Fake.Core.Context (>= 6.0) - restriction: || (&& (== net462) (>= netstandard2.0)) (== net6.0) (== net7.0) (== netstandard2.0)
      FSharp.Core (>= 6.0.3) - restriction: || (&& (== net462) (>= netstandard2.0)) (== net6.0) (== net7.0) (== netstandard2.0)
    Fake.Core.Process (6.0) - restriction: || (&& (== net462) (>= netstandard2.0)) (== net6.0) (== net7.0) (== netstandard2.0)
      Fake.Core.Environment (>= 6.0) - restriction: || (&& (== net462) (>= netstandard2.0)) (== net6.0) (== net7.0) (== netstandard2.0)
      Fake.Core.FakeVar (>= 6.0) - restriction: || (&& (== net462) (>= netstandard2.0)) (== net6.0) (== net7.0) (== netstandard2.0)
      Fake.Core.String (>= 6.0) - restriction: || (&& (== net462) (>= netstandard2.0)) (== net6.0) (== net7.0) (== netstandard2.0)
      Fake.Core.Trace (>= 6.0) - restriction: || (&& (== net462) (>= netstandard2.0)) (== net6.0) (== net7.0) (== netstandard2.0)
      Fake.IO.FileSystem (>= 6.0) - restriction: || (&& (== net462) (>= netstandard2.0)) (== net6.0) (== net7.0) (== netstandard2.0)
      FSharp.Core (>= 6.0.3) - restriction: || (&& (== net462) (>= netstandard2.0)) (== net6.0) (== net7.0) (== netstandard2.0)
      System.Collections.Immutable (>= 6.0) - restriction: || (&& (== net462) (>= netstandard2.0)) (== net6.0) (== net7.0) (== netstandard2.0)
    Fake.Core.SemVer (6.0) - restriction: || (&& (== net462) (>= netstandard2.0)) (== net6.0) (== net7.0) (== netstandard2.0)
      FSharp.Core (>= 6.0.3) - restriction: || (&& (== net462) (>= netstandard2.0)) (== net6.0) (== net7.0) (== netstandard2.0)
    Fake.Core.String (6.0) - restriction: || (&& (== net462) (>= netstandard2.0)) (== net6.0) (== net7.0) (== netstandard2.0)
      FSharp.Core (>= 6.0.3) - restriction: || (&& (== net462) (>= netstandard2.0)) (== net6.0) (== net7.0) (== netstandard2.0)
    Fake.Core.Target (6.0)
      Fake.Core.CommandLineParsing (>= 6.0) - restriction: || (&& (== net462) (>= netstandard2.0)) (== net6.0) (== net7.0) (== netstandard2.0)
      Fake.Core.Context (>= 6.0) - restriction: || (&& (== net462) (>= netstandard2.0)) (== net6.0) (== net7.0) (== netstandard2.0)
      Fake.Core.Environment (>= 6.0) - restriction: || (&& (== net462) (>= netstandard2.0)) (== net6.0) (== net7.0) (== netstandard2.0)
      Fake.Core.FakeVar (>= 6.0) - restriction: || (&& (== net462) (>= netstandard2.0)) (== net6.0) (== net7.0) (== netstandard2.0)
      Fake.Core.Process (>= 6.0) - restriction: || (&& (== net462) (>= netstandard2.0)) (== net6.0) (== net7.0) (== netstandard2.0)
      Fake.Core.String (>= 6.0) - restriction: || (&& (== net462) (>= netstandard2.0)) (== net6.0) (== net7.0) (== netstandard2.0)
      Fake.Core.Trace (>= 6.0) - restriction: || (&& (== net462) (>= netstandard2.0)) (== net6.0) (== net7.0) (== netstandard2.0)
      FSharp.Control.Reactive (>= 5.0.2) - restriction: || (&& (== net462) (>= netstandard2.0)) (== net6.0) (== net7.0) (== netstandard2.0)
      FSharp.Core (>= 6.0.3) - restriction: || (&& (== net462) (>= netstandard2.0)) (== net6.0) (== net7.0) (== netstandard2.0)
    Fake.Core.Tasks (6.0) - restriction: || (&& (== net462) (>= netstandard2.0)) (== net6.0) (== net7.0) (== netstandard2.0)
      Fake.Core.Trace (>= 6.0) - restriction: || (&& (== net462) (>= netstandard2.0)) (== net6.0) (== net7.0) (== netstandard2.0)
      FSharp.Core (>= 6.0.3) - restriction: || (&& (== net462) (>= netstandard2.0)) (== net6.0) (== net7.0) (== netstandard2.0)
    Fake.Core.Trace (6.0) - restriction: || (&& (== net462) (>= netstandard2.0)) (== net6.0) (== net7.0) (== netstandard2.0)
      Fake.Core.Environment (>= 6.0) - restriction: || (&& (== net462) (>= netstandard2.0)) (== net6.0) (== net7.0) (== netstandard2.0)
      Fake.Core.FakeVar (>= 6.0) - restriction: || (&& (== net462) (>= netstandard2.0)) (== net6.0) (== net7.0) (== netstandard2.0)
      FSharp.Core (>= 6.0.3) - restriction: || (&& (== net462) (>= netstandard2.0)) (== net6.0) (== net7.0) (== netstandard2.0)
    Fake.Core.Xml (6.0) - restriction: || (&& (== net462) (>= netstandard2.0)) (== net6.0) (== net7.0) (== netstandard2.0)
      Fake.Core.String (>= 6.0) - restriction: || (&& (== net462) (>= netstandard2.0)) (== net6.0) (== net7.0) (== netstandard2.0)
      FSharp.Core (>= 6.0.3) - restriction: || (&& (== net462) (>= netstandard2.0)) (== net6.0) (== net7.0) (== netstandard2.0)
    Fake.DotNet.AssemblyInfoFile (6.0)
      Fake.Core.Environment (>= 6.0) - restriction: || (&& (== net462) (>= netstandard2.0)) (== net6.0) (== net7.0) (== netstandard2.0)
      Fake.Core.String (>= 6.0) - restriction: || (&& (== net462) (>= netstandard2.0)) (== net6.0) (== net7.0) (== netstandard2.0)
      Fake.Core.Trace (>= 6.0) - restriction: || (&& (== net462) (>= netstandard2.0)) (== net6.0) (== net7.0) (== netstandard2.0)
      Fake.IO.FileSystem (>= 6.0) - restriction: || (&& (== net462) (>= netstandard2.0)) (== net6.0) (== net7.0) (== netstandard2.0)
      FSharp.Core (>= 6.0.3) - restriction: || (&& (== net462) (>= netstandard2.0)) (== net6.0) (== net7.0) (== netstandard2.0)
    Fake.DotNet.Cli (6.0)
      Fake.Core.Environment (>= 6.0) - restriction: || (&& (== net462) (>= netstandard2.0)) (== net6.0) (== net7.0) (== netstandard2.0)
      Fake.Core.Process (>= 6.0) - restriction: || (&& (== net462) (>= netstandard2.0)) (== net6.0) (== net7.0) (== netstandard2.0)
      Fake.Core.String (>= 6.0) - restriction: || (&& (== net462) (>= netstandard2.0)) (== net6.0) (== net7.0) (== netstandard2.0)
      Fake.Core.Trace (>= 6.0) - restriction: || (&& (== net462) (>= netstandard2.0)) (== net6.0) (== net7.0) (== netstandard2.0)
      Fake.DotNet.MSBuild (>= 6.0) - restriction: || (&& (== net462) (>= netstandard2.0)) (== net6.0) (== net7.0) (== netstandard2.0)
      Fake.DotNet.NuGet (>= 6.0) - restriction: || (&& (== net462) (>= netstandard2.0)) (== net6.0) (== net7.0) (== netstandard2.0)
      Fake.IO.FileSystem (>= 6.0) - restriction: || (&& (== net462) (>= netstandard2.0)) (== net6.0) (== net7.0) (== netstandard2.0)
      FSharp.Core (>= 6.0.3) - restriction: || (&& (== net462) (>= netstandard2.0)) (== net6.0) (== net7.0) (== netstandard2.0)
      Mono.Posix.NETStandard (>= 1.0) - restriction: || (&& (== net462) (>= netstandard2.0)) (== net6.0) (== net7.0) (== netstandard2.0)
      Newtonsoft.Json (>= 13.0.1) - restriction: || (&& (== net462) (>= netstandard2.0)) (== net6.0) (== net7.0) (== netstandard2.0)
    Fake.DotNet.MSBuild (6.0) - restriction: || (&& (== net462) (>= netstandard2.0)) (== net6.0) (== net7.0) (== netstandard2.0)
      BlackFox.VsWhere (>= 1.1) - restriction: || (&& (== net462) (>= netstandard2.0)) (== net6.0) (== net7.0) (== netstandard2.0)
      Fake.Core.Environment (>= 6.0) - restriction: || (&& (== net462) (>= netstandard2.0)) (== net6.0) (== net7.0) (== netstandard2.0)
      Fake.Core.Process (>= 6.0) - restriction: || (&& (== net462) (>= netstandard2.0)) (== net6.0) (== net7.0) (== netstandard2.0)
      Fake.Core.String (>= 6.0) - restriction: || (&& (== net462) (>= netstandard2.0)) (== net6.0) (== net7.0) (== netstandard2.0)
      Fake.Core.Trace (>= 6.0) - restriction: || (&& (== net462) (>= netstandard2.0)) (== net6.0) (== net7.0) (== netstandard2.0)
      Fake.IO.FileSystem (>= 6.0) - restriction: || (&& (== net462) (>= netstandard2.0)) (== net6.0) (== net7.0) (== netstandard2.0)
      FSharp.Core (>= 6.0.3) - restriction: || (&& (== net462) (>= netstandard2.0)) (== net6.0) (== net7.0) (== netstandard2.0)
      MSBuild.StructuredLogger (>= 2.1.545) - restriction: || (&& (== net462) (>= netstandard2.0)) (== net6.0) (== net7.0) (== netstandard2.0)
    Fake.DotNet.NuGet (6.0) - restriction: || (&& (== net462) (>= netstandard2.0)) (== net6.0) (== net7.0) (== netstandard2.0)
      Fake.Core.Environment (>= 6.0) - restriction: || (&& (== net462) (>= netstandard2.0)) (== net6.0) (== net7.0) (== netstandard2.0)
      Fake.Core.Process (>= 6.0) - restriction: || (&& (== net462) (>= netstandard2.0)) (== net6.0) (== net7.0) (== netstandard2.0)
      Fake.Core.SemVer (>= 6.0) - restriction: || (&& (== net462) (>= netstandard2.0)) (== net6.0) (== net7.0) (== netstandard2.0)
      Fake.Core.String (>= 6.0) - restriction: || (&& (== net462) (>= netstandard2.0)) (== net6.0) (== net7.0) (== netstandard2.0)
      Fake.Core.Tasks (>= 6.0) - restriction: || (&& (== net462) (>= netstandard2.0)) (== net6.0) (== net7.0) (== netstandard2.0)
      Fake.Core.Trace (>= 6.0) - restriction: || (&& (== net462) (>= netstandard2.0)) (== net6.0) (== net7.0) (== netstandard2.0)
      Fake.Core.Xml (>= 6.0) - restriction: || (&& (== net462) (>= netstandard2.0)) (== net6.0) (== net7.0) (== netstandard2.0)
      Fake.IO.FileSystem (>= 6.0) - restriction: || (&& (== net462) (>= netstandard2.0)) (== net6.0) (== net7.0) (== netstandard2.0)
      Fake.Net.Http (>= 6.0) - restriction: || (&& (== net462) (>= netstandard2.0)) (== net6.0) (== net7.0) (== netstandard2.0)
      FSharp.Core (>= 6.0.3) - restriction: || (&& (== net462) (>= netstandard2.0)) (== net6.0) (== net7.0) (== netstandard2.0)
      Newtonsoft.Json (>= 13.0.1) - restriction: || (&& (== net462) (>= netstandard2.0)) (== net6.0) (== net7.0) (== netstandard2.0)
      NuGet.Protocol (>= 6.0) - restriction: || (&& (== net462) (>= netstandard2.0)) (== net6.0) (== net7.0) (== netstandard2.0)
    Fake.DotNet.Testing.XUnit2 (6.0)
      Fake.Core.Process (>= 6.0) - restriction: || (&& (== net462) (>= netstandard2.0)) (== net6.0) (== net7.0) (== netstandard2.0)
      Fake.Core.String (>= 6.0) - restriction: || (&& (== net462) (>= netstandard2.0)) (== net6.0) (== net7.0) (== netstandard2.0)
      Fake.Core.Trace (>= 6.0) - restriction: || (&& (== net462) (>= netstandard2.0)) (== net6.0) (== net7.0) (== netstandard2.0)
      Fake.IO.FileSystem (>= 6.0) - restriction: || (&& (== net462) (>= netstandard2.0)) (== net6.0) (== net7.0) (== netstandard2.0)
      Fake.Testing.Common (>= 6.0) - restriction: || (&& (== net462) (>= netstandard2.0)) (== net6.0) (== net7.0) (== netstandard2.0)
      FSharp.Core (>= 6.0.3) - restriction: || (&& (== net462) (>= netstandard2.0)) (== net6.0) (== net7.0) (== netstandard2.0)
    Fake.IO.FileSystem (6.0) - restriction: || (&& (== net462) (>= netstandard2.0)) (== net6.0) (== net7.0) (== netstandard2.0)
      Fake.Core.String (>= 6.0) - restriction: || (&& (== net462) (>= netstandard2.0)) (== net6.0) (== net7.0) (== netstandard2.0)
      Fake.Core.Trace (>= 6.0) - restriction: || (&& (== net462) (>= netstandard2.0)) (== net6.0) (== net7.0) (== netstandard2.0)
      FSharp.Core (>= 6.0.3) - restriction: || (&& (== net462) (>= netstandard2.0)) (== net6.0) (== net7.0) (== netstandard2.0)
    Fake.Net.Http (6.0) - restriction: || (&& (== net462) (>= netstandard2.0)) (== net6.0) (== net7.0) (== netstandard2.0)
      Fake.Core.Trace (>= 6.0) - restriction: || (&& (== net462) (>= netstandard2.0)) (== net6.0) (== net7.0) (== netstandard2.0)
      FSharp.Core (>= 6.0.3) - restriction: || (&& (== net462) (>= netstandard2.0)) (== net6.0) (== net7.0) (== netstandard2.0)
    Fake.Testing.Common (6.0) - restriction: || (&& (== net462) (>= netstandard2.0)) (== net6.0) (== net7.0) (== netstandard2.0)
      Fake.Core.Trace (>= 6.0) - restriction: || (&& (== net462) (>= netstandard2.0)) (== net6.0) (== net7.0) (== netstandard2.0)
      FSharp.Core (>= 6.0.3) - restriction: || (&& (== net462) (>= netstandard2.0)) (== net6.0) (== net7.0) (== netstandard2.0)
    FParsec (1.1.1) - restriction: || (&& (== net462) (>= netstandard2.0)) (== net6.0) (== net7.0) (== netstandard2.0)
      FSharp.Core (>= 4.3.4)
    FSharp.Control.Reactive (5.0.5) - restriction: || (&& (== net462) (>= netstandard2.0)) (== net6.0) (== net7.0) (== netstandard2.0)
      FSharp.Core (>= 4.7.2) - restriction: || (&& (== net462) (>= netstandard2.0)) (== net6.0) (== net7.0) (== netstandard2.0)
      System.Reactive (>= 5.0 < 6.0) - restriction: || (&& (== net462) (>= netstandard2.0)) (== net6.0) (== net7.0) (== netstandard2.0)
    FSharp.Core (7.0.200) - restriction: || (&& (== net462) (>= netstandard2.0)) (== net6.0) (== net7.0) (== netstandard2.0)
    Microsoft.Build (17.3.2)
      Microsoft.Build.Framework (>= 17.3.2) - restriction: || (&& (== net462) (>= net472)) (&& (== net462) (>= net6.0)) (== net6.0) (== net7.0) (&& (== netstandard2.0) (>= net472)) (&& (== netstandard2.0) (>= net6.0))
      Microsoft.NET.StringTools (>= 17.3.2) - restriction: || (&& (== net462) (>= net472)) (&& (== net462) (>= net6.0)) (== net6.0) (== net7.0) (&& (== netstandard2.0) (>= net472)) (&& (== netstandard2.0) (>= net6.0))
      System.Collections.Immutable (>= 6.0) - restriction: || (&& (== net462) (>= net472)) (&& (== net462) (>= net6.0)) (== net6.0) (== net7.0) (&& (== netstandard2.0) (>= net472)) (&& (== netstandard2.0) (>= net6.0))
      System.Configuration.ConfigurationManager (>= 6.0) - restriction: || (&& (== net462) (>= net472)) (&& (== net462) (>= net6.0)) (== net6.0) (== net7.0) (&& (== netstandard2.0) (>= net472)) (&& (== netstandard2.0) (>= net6.0))
      System.Reflection.Metadata (>= 6.0) - restriction: || (&& (== net462) (>= net6.0)) (== net6.0) (== net7.0) (&& (== netstandard2.0) (>= net6.0))
      System.Reflection.MetadataLoadContext (>= 6.0) - restriction: || (&& (== net462) (>= net472)) (&& (== net462) (>= net6.0)) (== net6.0) (== net7.0) (&& (== netstandard2.0) (>= net472)) (&& (== netstandard2.0) (>= net6.0))
      System.Security.Principal.Windows (>= 5.0) - restriction: || (&& (== net462) (>= net6.0)) (== net6.0) (== net7.0) (&& (== netstandard2.0) (>= net6.0))
      System.Text.Encoding.CodePages (>= 6.0) - restriction: || (&& (== net462) (>= net6.0)) (== net6.0) (== net7.0) (&& (== netstandard2.0) (>= net6.0))
      System.Text.Json (>= 6.0) - restriction: || (&& (== net462) (>= net472)) (&& (== net462) (>= net6.0)) (== net6.0) (== net7.0) (&& (== netstandard2.0) (>= net472)) (&& (== netstandard2.0) (>= net6.0))
      System.Threading.Tasks.Dataflow (>= 6.0) - restriction: || (&& (== net462) (>= net472)) (&& (== net462) (>= net6.0)) (== net6.0) (== net7.0) (&& (== netstandard2.0) (>= net472)) (&& (== netstandard2.0) (>= net6.0))
    Microsoft.Build.Framework (17.3.2)
      System.Security.Permissions (>= 6.0) - restriction: || (&& (== net462) (>= net6.0)) (&& (== net462) (>= netstandard2.0)) (== net6.0) (== net7.0) (== netstandard2.0)
    Microsoft.Build.Tasks.Core (17.3.2)
      Microsoft.Build.Framework (>= 17.3.2) - restriction: || (&& (== net462) (>= netstandard2.0)) (== net6.0) (== net7.0) (== netstandard2.0)
      Microsoft.Build.Utilities.Core (>= 17.3.2) - restriction: || (&& (== net462) (>= netstandard2.0)) (== net6.0) (== net7.0) (== netstandard2.0)
      Microsoft.NET.StringTools (>= 17.3.2) - restriction: || (&& (== net462) (>= netstandard2.0)) (== net6.0) (== net7.0) (== netstandard2.0)
      Microsoft.Win32.Registry (>= 5.0) - restriction: || (&& (== net462) (>= netstandard2.0)) (&& (== net7.0) (< net6.0)) (== netstandard2.0)
      System.CodeDom (>= 6.0) - restriction: || (&& (== net462) (>= net6.0)) (&& (== net462) (>= netstandard2.0)) (== net6.0) (== net7.0) (== netstandard2.0)
      System.Collections.Immutable (>= 6.0) - restriction: || (&& (== net462) (>= netstandard2.0)) (== net6.0) (== net7.0) (== netstandard2.0)
      System.Reflection.Metadata (>= 6.0) - restriction: || (&& (== net462) (>= net6.0)) (&& (== net462) (>= netstandard2.0)) (== net6.0) (== net7.0) (== netstandard2.0)
      System.Resources.Extensions (>= 6.0) - restriction: || (&& (== net462) (>= netstandard2.0)) (== net6.0) (== net7.0) (== netstandard2.0)
      System.Security.Cryptography.Pkcs (>= 6.0.1) - restriction: || (&& (== net462) (>= net6.0)) (&& (== net462) (>= netstandard2.0)) (== net6.0) (== net7.0) (== netstandard2.0)
      System.Security.Cryptography.Xml (>= 6.0) - restriction: || (&& (== net462) (>= net6.0)) (&& (== net462) (>= netstandard2.0)) (== net6.0) (== net7.0) (== netstandard2.0)
      System.Security.Permissions (>= 6.0) - restriction: || (&& (== net462) (>= net6.0)) (&& (== net462) (>= netstandard2.0)) (== net6.0) (== net7.0) (== netstandard2.0)
      System.Threading.Tasks.Dataflow (>= 6.0) - restriction: || (&& (== net462) (>= netstandard2.0)) (== net6.0) (== net7.0) (== netstandard2.0)
    Microsoft.Build.Utilities.Core (17.3.2) - restriction: || (&& (== net462) (>= netstandard2.0)) (== net6.0) (== net7.0) (== netstandard2.0)
      Microsoft.Build.Framework (>= 17.3.2) - restriction: || (&& (== net462) (>= netstandard2.0)) (== net6.0) (== net7.0) (== netstandard2.0)
      Microsoft.NET.StringTools (>= 17.3.2) - restriction: || (&& (== net462) (>= netstandard2.0)) (== net6.0) (== net7.0) (== netstandard2.0)
      Microsoft.Win32.Registry (>= 5.0) - restriction: || (&& (== net462) (>= netstandard2.0)) (&& (== net7.0) (< net6.0)) (== netstandard2.0)
      System.Collections.Immutable (>= 6.0) - restriction: || (&& (== net462) (>= netstandard2.0)) (== net6.0) (== net7.0) (== netstandard2.0)
      System.Configuration.ConfigurationManager (>= 6.0) - restriction: || (&& (== net462) (>= netstandard2.0)) (== net6.0) (== net7.0) (== netstandard2.0)
      System.Security.Permissions (>= 6.0) - restriction: || (&& (== net462) (>= netstandard2.0)) (&& (== net7.0) (< net6.0)) (== netstandard2.0)
      System.Text.Encoding.CodePages (>= 6.0) - restriction: || (&& (== net462) (>= netstandard2.0)) (&& (== net7.0) (< net6.0)) (== netstandard2.0)
    Microsoft.NET.StringTools (17.5) - restriction: || (&& (== net462) (>= net472)) (&& (== net462) (>= net6.0)) (&& (== net462) (>= netstandard2.0)) (== net6.0) (== net7.0) (== netstandard2.0)
      System.Memory (>= 4.5.5) - restriction: || (&& (== net462) (>= net472)) (&& (== net462) (>= netstandard2.0)) (== net6.0) (&& (== net7.0) (>= net472)) (== netstandard2.0)
      System.Runtime.CompilerServices.Unsafe (>= 6.0) - restriction: || (&& (== net462) (>= net472)) (&& (== net462) (>= netstandard2.0)) (== net6.0) (&& (== net7.0) (>= net472)) (== netstandard2.0)
    Microsoft.NETCore.Platforms (7.0.1) - restriction: || (&& (== net462) (== net6.0)) (&& (== net462) (== net7.0)) (&& (== net462) (< net45) (>= netstandard2.0)) (&& (== net6.0) (< netcoreapp3.1)) (&& (== net6.0) (< netstandard1.2)) (&& (== net6.0) (< netstandard1.3)) (&& (== net6.0) (< netstandard1.5)) (&& (== net7.0) (< netcoreapp3.1)) (&& (== net7.0) (< netstandard1.2)) (&& (== net7.0) (< netstandard1.3)) (&& (== net7.0) (< netstandard1.5)) (== netstandard2.0)
    Microsoft.NETCore.Targets (5.0) - restriction: || (&& (== net462) (== net6.0)) (&& (== net462) (== net7.0)) (&& (== net462) (< net45) (>= netstandard2.0)) (&& (== net6.0) (< netcoreapp3.1)) (&& (== net6.0) (< netstandard1.2)) (&& (== net6.0) (< netstandard1.3)) (&& (== net6.0) (< netstandard1.5)) (&& (== net7.0) (< netcoreapp3.1)) (&& (== net7.0) (< netstandard1.2)) (&& (== net7.0) (< netstandard1.3)) (&& (== net7.0) (< netstandard1.5)) (== netstandard2.0)
    Microsoft.Win32.Registry (5.0) - restriction: || (&& (== net462) (>= netstandard2.0)) (== net6.0) (== net7.0) (== netstandard2.0)
      System.Buffers (>= 4.5.1) - restriction: || (&& (== net462) (>= monoandroid) (< netstandard1.3)) (&& (== net462) (>= monotouch)) (&& (== net462) (< net46) (>= netstandard2.0)) (&& (== net462) (>= xamarinios)) (&& (== net462) (>= xamarinmac)) (&& (== net462) (>= xamarintvos)) (&& (== net462) (>= xamarinwatchos)) (&& (== net6.0) (>= monoandroid) (< netstandard1.3)) (&& (== net6.0) (>= monotouch)) (&& (== net6.0) (< netcoreapp2.0)) (&& (== net6.0) (>= xamarinios)) (&& (== net6.0) (>= xamarinmac)) (&& (== net6.0) (>= xamarintvos)) (&& (== net6.0) (>= xamarinwatchos)) (&& (== net7.0) (>= monoandroid) (< netstandard1.3)) (&& (== net7.0) (>= monotouch)) (&& (== net7.0) (< netcoreapp2.0)) (&& (== net7.0) (>= xamarinios)) (&& (== net7.0) (>= xamarinmac)) (&& (== net7.0) (>= xamarintvos)) (&& (== net7.0) (>= xamarinwatchos)) (== netstandard2.0)
      System.Memory (>= 4.5.4) - restriction: || (&& (== net462) (< net46) (>= netstandard2.0)) (&& (== net462) (>= netcoreapp2.0)) (&& (== net462) (>= uap10.1)) (&& (== net6.0) (< netcoreapp2.0)) (&& (== net6.0) (< netcoreapp2.1)) (&& (== net6.0) (>= uap10.1)) (&& (== net7.0) (< netcoreapp2.0)) (&& (== net7.0) (< netcoreapp2.1)) (&& (== net7.0) (>= uap10.1)) (== netstandard2.0)
      System.Security.AccessControl (>= 5.0)
      System.Security.Principal.Windows (>= 5.0)
    Microsoft.Win32.SystemEvents (7.0) - restriction: || (&& (== net462) (>= net6.0)) (== net6.0) (== net7.0) (&& (== netstandard2.0) (>= net6.0))
    Mono.Posix.NETStandard (1.0) - restriction: || (&& (== net462) (>= netstandard2.0)) (== net6.0) (== net7.0) (== netstandard2.0)
    MSBuild.StructuredLogger (2.1.790) - restriction: || (&& (== net462) (>= netstandard2.0)) (== net6.0) (== net7.0) (== netstandard2.0)
      Microsoft.Build.Framework (>= 16.10) - restriction: || (&& (== net462) (>= netstandard2.0)) (== net6.0) (== net7.0) (== netstandard2.0)
      Microsoft.Build.Utilities.Core (>= 16.10) - restriction: || (&& (== net462) (>= netstandard2.0)) (== net6.0) (== net7.0) (== netstandard2.0)
    Newtonsoft.Json (13.0.3) - restriction: || (&& (== net462) (>= netstandard2.0)) (== net6.0) (== net7.0) (== netstandard2.0)
    NuGet.Common (6.5) - restriction: || (&& (== net462) (>= netstandard2.0)) (== net6.0) (== net7.0) (== netstandard2.0)
      NuGet.Frameworks (>= 6.5) - restriction: || (&& (== net462) (>= netstandard2.0)) (== net6.0) (== net7.0) (== netstandard2.0)
    NuGet.Configuration (6.5) - restriction: || (&& (== net462) (>= netstandard2.0)) (== net6.0) (== net7.0) (== netstandard2.0)
      NuGet.Common (>= 6.5) - restriction: || (&& (== net462) (>= netstandard2.0)) (== net6.0) (== net7.0) (== netstandard2.0)
      System.Security.Cryptography.ProtectedData (>= 4.4) - restriction: || (&& (== net462) (>= netstandard2.0)) (== net6.0) (== net7.0) (== netstandard2.0)
    NuGet.Frameworks (6.5) - restriction: || (&& (== net462) (>= netstandard2.0)) (== net6.0) (== net7.0) (== netstandard2.0)
    NuGet.Packaging (6.5) - restriction: || (&& (== net462) (>= netstandard2.0)) (== net6.0) (== net7.0) (== netstandard2.0)
      Newtonsoft.Json (>= 13.0.1) - restriction: || (&& (== net462) (>= netstandard2.0)) (== net6.0) (== net7.0) (== netstandard2.0)
      NuGet.Configuration (>= 6.5) - restriction: || (&& (== net462) (>= netstandard2.0)) (== net6.0) (== net7.0) (== netstandard2.0)
      NuGet.Versioning (>= 6.5) - restriction: || (&& (== net462) (>= netstandard2.0)) (== net6.0) (== net7.0) (== netstandard2.0)
      System.Security.Cryptography.Cng (>= 5.0) - restriction: || (&& (== net462) (>= net5.0)) (&& (== net462) (>= netstandard2.0)) (== net6.0) (== net7.0) (== netstandard2.0)
      System.Security.Cryptography.Pkcs (>= 5.0) - restriction: || (&& (== net462) (>= net5.0)) (&& (== net462) (>= netstandard2.0)) (== net6.0) (== net7.0) (== netstandard2.0)
    NuGet.Protocol (6.5) - restriction: || (&& (== net462) (>= netstandard2.0)) (== net6.0) (== net7.0) (== netstandard2.0)
      NuGet.Packaging (>= 6.5) - restriction: || (&& (== net462) (>= netstandard2.0)) (== net6.0) (== net7.0) (== netstandard2.0)
    NuGet.Versioning (6.5) - restriction: || (&& (== net462) (>= netstandard2.0)) (== net6.0) (== net7.0) (== netstandard2.0)
    System.Buffers (4.5.1) - restriction: || (&& (== net462) (== net6.0)) (&& (== net462) (== net7.0)) (&& (== net462) (>= net6.0)) (&& (== net6.0) (< netstandard2.1)) (&& (== net7.0) (< netstandard2.1)) (== netstandard2.0)
    System.CodeDom (7.0) - restriction: || (&& (== net462) (>= net6.0)) (&& (== net462) (>= netstandard2.0)) (== net6.0) (== net7.0) (== netstandard2.0)
    System.Collections.Immutable (7.0) - restriction: || (&& (== net462) (>= net472)) (&& (== net462) (>= net6.0)) (&& (== net462) (>= netstandard2.0)) (== net6.0) (== net7.0) (== netstandard2.0)
      System.Runtime.CompilerServices.Unsafe (>= 6.0) - restriction: || (== net462) (== net6.0) (&& (== net7.0) (>= net462)) (&& (== net7.0) (< net6.0)) (== netstandard2.0)
    System.Configuration.ConfigurationManager (7.0) - restriction: || (&& (== net462) (>= net472)) (&& (== net462) (>= net6.0)) (&& (== net462) (>= netstandard2.0)) (== net6.0) (== net7.0) (== netstandard2.0)
      System.Diagnostics.EventLog (>= 7.0) - restriction: || (&& (== net462) (>= net7.0)) (&& (== net6.0) (>= net7.0)) (== net7.0) (&& (== netstandard2.0) (>= net7.0))
      System.Security.Cryptography.ProtectedData (>= 7.0) - restriction: || (&& (== net462) (>= net6.0)) (== net6.0) (== net7.0) (== netstandard2.0)
      System.Security.Permissions (>= 7.0)
    System.Core (3.5.21022.801)
    System.Diagnostics.EventLog (7.0) - restriction: || (&& (== net462) (>= net7.0)) (&& (== net6.0) (>= net7.0)) (== net7.0) (&& (== netstandard2.0) (>= net7.0))
    System.Drawing.Common (7.0) - restriction: || (&& (== net462) (>= net6.0)) (== net6.0) (== net7.0) (&& (== netstandard2.0) (>= net6.0))
      Microsoft.Win32.SystemEvents (>= 7.0) - restriction: || (&& (== net462) (>= net6.0)) (== net6.0) (== net7.0) (&& (== netstandard2.0) (>= net6.0))
    System.Formats.Asn1 (7.0) - restriction: || (&& (== net462) (>= net6.0)) (&& (== net462) (>= netstandard2.1)) (== net6.0) (== net7.0) (== netstandard2.0)
      System.Buffers (>= 4.5.1) - restriction: || (== net462) (&& (== net6.0) (>= net462)) (&& (== net7.0) (>= net462)) (&& (== net7.0) (< net6.0)) (== netstandard2.0)
      System.Memory (>= 4.5.5) - restriction: || (== net462) (&& (== net6.0) (>= net462)) (&& (== net7.0) (>= net462)) (&& (== net7.0) (< net6.0)) (== netstandard2.0)
    System.Memory (4.5.5) - restriction: || (&& (== net462) (== net7.0)) (&& (== net462) (>= net472)) (&& (== net462) (>= net6.0)) (== net6.0) (&& (== net7.0) (>= net472)) (&& (== net7.0) (< netstandard2.1)) (== netstandard2.0)
    System.Reactive (5.0) - restriction: || (&& (== net462) (>= netstandard2.0)) (== net6.0) (== net7.0) (== netstandard2.0)
      System.Runtime.InteropServices.WindowsRuntime (>= 4.3) - restriction: || (&& (== net462) (>= netstandard2.0)) (&& (== net6.0) (< netcoreapp3.1)) (&& (== net7.0) (< netcoreapp3.1)) (== netstandard2.0)
      System.Threading.Tasks.Extensions (>= 4.5.4) - restriction: || (&& (== net462) (>= net472)) (&& (== net462) (>= netstandard2.0)) (&& (== net462) (>= uap10.1)) (&& (== net6.0) (>= net472)) (&& (== net6.0) (< netcoreapp3.1)) (&& (== net6.0) (>= uap10.1)) (&& (== net7.0) (>= net472)) (&& (== net7.0) (< netcoreapp3.1)) (&& (== net7.0) (>= uap10.1)) (== netstandard2.0)
    System.Reflection.Metadata (7.0.1) - restriction: || (&& (== net462) (>= net472)) (&& (== net462) (>= net6.0)) (&& (== net462) (>= netstandard2.0)) (== net6.0) (== net7.0) (== netstandard2.0)
      System.Collections.Immutable (>= 7.0)
    System.Reflection.MetadataLoadContext (7.0) - restriction: || (&& (== net462) (>= net472)) (&& (== net462) (>= net6.0)) (== net6.0) (== net7.0) (&& (== netstandard2.0) (>= net472)) (&& (== netstandard2.0) (>= net6.0))
      System.Collections.Immutable (>= 7.0)
      System.Reflection.Metadata (>= 7.0)
    System.Resources.Extensions (7.0) - restriction: || (&& (== net462) (>= netstandard2.0)) (== net6.0) (== net7.0) (== netstandard2.0)
      System.Memory (>= 4.5.5) - restriction: || (== net462) (&& (== net6.0) (>= net462)) (&& (== net7.0) (>= net462)) (&& (== net7.0) (< net6.0)) (== netstandard2.0)
    System.Runtime (4.3.1) - restriction: || (&& (== net462) (== net6.0)) (&& (== net462) (== net7.0)) (&& (== net462) (< net45) (>= netstandard2.0)) (&& (== net6.0) (< netcoreapp3.1)) (&& (== net7.0) (< netcoreapp3.1)) (== netstandard2.0)
      Microsoft.NETCore.Platforms (>= 1.1.1) - restriction: || (&& (== net462) (< net45)) (== net6.0) (== net7.0) (== netstandard2.0)
      Microsoft.NETCore.Targets (>= 1.1.3) - restriction: || (&& (== net462) (< net45)) (== net6.0) (== net7.0) (== netstandard2.0)
    System.Runtime.CompilerServices.Unsafe (6.0) - restriction: || (&& (== net462) (== net7.0)) (&& (== net462) (>= net472)) (&& (== net462) (>= net6.0)) (&& (== net462) (>= netstandard2.0)) (== net6.0) (&& (== net7.0) (>= net461)) (&& (== net7.0) (>= net472)) (&& (== net7.0) (< netcoreapp2.1)) (&& (== net7.0) (< netstandard1.0)) (&& (== net7.0) (< netstandard2.0)) (&& (== net7.0) (>= uap10.1)) (&& (== net7.0) (>= wp8)) (== netstandard2.0)
    System.Runtime.InteropServices.WindowsRuntime (4.3) - restriction: || (&& (== net462) (== net6.0)) (&& (== net462) (== net7.0)) (&& (== net462) (>= netstandard2.0)) (&& (== net6.0) (< netcoreapp3.1)) (&& (== net7.0) (< netcoreapp3.1)) (== netstandard2.0)
      System.Runtime (>= 4.3) - restriction: || (&& (== net462) (< net45)) (== net6.0) (== net7.0) (== netstandard2.0)
    System.Security.AccessControl (6.0) - restriction: || (&& (== net462) (== net6.0)) (&& (== net462) (== net7.0)) (&& (== net462) (>= net6.0)) (&& (== net462) (>= netstandard2.0)) (&& (== net6.0) (>= net462)) (&& (== net7.0) (>= net462)) (&& (== net7.0) (< net6.0)) (== netstandard2.0)
      System.Security.Principal.Windows (>= 5.0) - restriction: || (== net462) (&& (== net6.0) (>= net461)) (&& (== net7.0) (>= net461)) (&& (== net7.0) (< net6.0)) (== netstandard2.0)
    System.Security.Cryptography.Cng (5.0) - restriction: || (&& (== net462) (>= net5.0)) (&& (== net462) (>= net6.0)) (&& (== net462) (>= netstandard2.0)) (&& (== net462) (>= netstandard2.1)) (== net6.0) (== net7.0) (== netstandard2.0)
    System.Security.Cryptography.Pkcs (7.0.1) - restriction: || (&& (== net462) (>= net6.0)) (&& (== net462) (>= netstandard2.0)) (== net6.0) (== net7.0) (== netstandard2.0)
      System.Buffers (>= 4.5.1) - restriction: || (&& (== net6.0) (< netstandard2.1)) (&& (== net7.0) (< netstandard2.1)) (== netstandard2.0)
      System.Formats.Asn1 (>= 7.0) - restriction: || (&& (== net462) (>= netstandard2.1)) (== net6.0) (== net7.0) (== netstandard2.0)
      System.Memory (>= 4.5.5) - restriction: || (&& (== net6.0) (< netstandard2.1)) (&& (== net7.0) (< netstandard2.1)) (== netstandard2.0)
      System.Security.Cryptography.Cng (>= 5.0) - restriction: || (&& (== net462) (>= netstandard2.1)) (&& (== net6.0) (< netstandard2.1)) (&& (== net7.0) (< net6.0)) (&& (== net7.0) (< netstandard2.1)) (== netstandard2.0)
    System.Security.Cryptography.ProtectedData (7.0.1) - restriction: || (&& (== net462) (>= net6.0)) (&& (== net462) (>= netstandard2.0)) (== net6.0) (== net7.0) (== netstandard2.0)
    System.Security.Cryptography.Xml (7.0.1) - restriction: || (&& (== net462) (>= net6.0)) (&& (== net462) (>= netstandard2.0)) (== net6.0) (== net7.0) (== netstandard2.0)
      System.Memory (>= 4.5.5) - restriction: || (&& (== net7.0) (< net6.0)) (== netstandard2.0)
      System.Security.AccessControl (>= 6.0) - restriction: || (&& (== net7.0) (< net6.0)) (== netstandard2.0)
      System.Security.Cryptography.Pkcs (>= 7.0) - restriction: || (&& (== net462) (>= net6.0)) (== net6.0) (== net7.0) (== netstandard2.0)
    System.Security.Permissions (7.0) - restriction: || (&& (== net462) (>= net472)) (&& (== net462) (>= net6.0)) (&& (== net462) (>= netstandard2.0)) (== net6.0) (== net7.0) (== netstandard2.0)
      System.Security.AccessControl (>= 6.0) - restriction: || (== net462) (&& (== net6.0) (>= net462)) (&& (== net7.0) (>= net462)) (&& (== net7.0) (< net6.0)) (== netstandard2.0)
      System.Windows.Extensions (>= 7.0) - restriction: || (&& (== net462) (>= net6.0)) (== net6.0) (== net7.0) (&& (== netstandard2.0) (>= net6.0))
    System.Security.Principal.Windows (5.0) - restriction: || (&& (== net462) (>= net6.0)) (&& (== net462) (>= netcoreapp2.0)) (&& (== net462) (>= netcoreapp2.1)) (&& (== net462) (>= netstandard2.0)) (&& (== net462) (>= xamarinios)) (&& (== net462) (>= xamarinmac)) (== net6.0) (== net7.0) (== netstandard2.0)
    System.Text.Encoding.CodePages (7.0) - restriction: || (&& (== net462) (>= net6.0)) (&& (== net462) (>= netstandard2.0)) (== net6.0) (== net7.0) (== netstandard2.0)
      System.Runtime.CompilerServices.Unsafe (>= 6.0) - restriction: || (== net462) (== net6.0) (&& (== net7.0) (>= net462)) (&& (== net7.0) (< net6.0)) (== netstandard2.0)
    System.Text.Encodings.Web (7.0) - restriction: || (&& (== net462) (>= net472)) (&& (== net462) (>= net6.0)) (== net6.0) (== net7.0) (&& (== netstandard2.0) (>= net472)) (&& (== netstandard2.0) (>= net6.0))
      System.Runtime.CompilerServices.Unsafe (>= 6.0) - restriction: || (== net462) (== net6.0) (&& (== net7.0) (>= net462)) (&& (== net7.0) (< net6.0)) (== netstandard2.0)
    System.Text.Json (7.0.2) - restriction: || (&& (== net462) (>= net472)) (&& (== net462) (>= net6.0)) (== net6.0) (== net7.0) (&& (== netstandard2.0) (>= net472)) (&& (== netstandard2.0) (>= net6.0))
      System.Runtime.CompilerServices.Unsafe (>= 6.0) - restriction: || (== net462) (== net6.0) (&& (== net7.0) (>= net462)) (&& (== net7.0) (< net6.0)) (== netstandard2.0)
      System.Text.Encodings.Web (>= 7.0)
    System.Threading.Tasks.Dataflow (7.0) - restriction: || (&& (== net462) (>= net472)) (&& (== net462) (>= net6.0)) (&& (== net462) (>= netstandard2.0)) (== net6.0) (== net7.0) (== netstandard2.0)
    System.Threading.Tasks.Extensions (4.5.4) - restriction: || (&& (== net462) (== net6.0)) (&& (== net462) (== net7.0)) (&& (== net462) (>= net472)) (&& (== net462) (>= netstandard2.0)) (&& (== net6.0) (>= net472)) (&& (== net6.0) (< netcoreapp3.1)) (&& (== net6.0) (>= uap10.1)) (&& (== net7.0) (>= net472)) (&& (== net7.0) (< netcoreapp3.1)) (&& (== net7.0) (>= uap10.1)) (== netstandard2.0)
      System.Runtime.CompilerServices.Unsafe (>= 4.5.3) - restriction: || (== net462) (&& (== net6.0) (>= net461)) (&& (== net6.0) (< netcoreapp2.1)) (&& (== net6.0) (< netstandard1.0)) (&& (== net6.0) (< netstandard2.0)) (&& (== net6.0) (>= wp8)) (&& (== net7.0) (>= net461)) (&& (== net7.0) (< netcoreapp2.1)) (&& (== net7.0) (< netstandard1.0)) (&& (== net7.0) (< netstandard2.0)) (&& (== net7.0) (>= wp8)) (== netstandard2.0)
    System.Windows.Extensions (7.0) - restriction: || (&& (== net462) (>= net6.0)) (== net6.0) (== net7.0) (&& (== netstandard2.0) (>= net6.0))
      System.Drawing.Common (>= 7.0) - restriction: || (&& (== net462) (>= net6.0)) (== net6.0) (== net7.0) (&& (== netstandard2.0) (>= net6.0))
    System.Xml.Linq (3.5.21022.801)
